GEM
  remote: http://rubygems.org/
  specs:
    capistrano (2.15.5)
      highline
      net-scp (>= 1.0.0)
      net-sftp (>= 2.0.0)
      net-ssh (>= 2.0.14)
      net-ssh-gateway (>= 1.1.0)
    chunky_png (1.2.8)
    compass (0.12.2)
      chunky_png (~> 1.2)
      fssm (>= 0.2.7)
      sass (~> 3.1)
    compass_sumo (0.4.1)
      compass
      ttfunk
    compass_twitter_bootstrap (2.3.1)
      compass
    dotenv (0.9.0)
    foreman (0.63.0)
      dotenv (>= 0.7)
      thor (>= 0.13.6)
    forkcms_deploy (2.4.2)
      capistrano (>= 2.0.0)
    fssm (0.2.10)
    highline (1.6.19)
    net-scp (1.1.2)
      net-ssh (>= 2.6.5)
    net-sftp (2.1.2)
      net-ssh (>= 2.6.5)
    net-ssh (2.6.8)
    net-ssh-gateway (1.2.0)
      net-ssh (>= 2.6.5)
    sass (3.2.10)
    sumodev_deploy (0.4.3)
    thor (0.18.1)
    ttfunk (1.0.3)

PLATFORMS
  ruby

DEPENDENCIES
  capistrano
  compass
  compass_sumo
  compass_twitter_bootstrap (= 2.3.1)
  foreman
  forkcms_deploy
  sumodev_deploy
